{
	"TaskName": "ssvep",
	"Manufacturer": "Electrical Geodesics",
	"PowerLineFrequency": 50.0,
	"SamplingFrequency": 250.0,
	"SoftwareFilters": "n/a",
	"RecordingDuration": 472.016,
	"RecordingType": "continuous",
	"EEGReference": "n/a",
	"EEGGround": "n/a",
	"EEGPlacementScheme": "Geodesic Sensor Net 256",
	"EEGChannelCount": 256,
	"EOGChannelCount": 0,
	"ECGChannelCount": 0,
	"EMGChannelCount": 0,
	"TriggerChannelCount": 0,
	"ManufacturersModelName": "EGI 300 Geodesic EEG System (GES 300)",
	"CapManufacturer": "EGI",
	"CapManufacturersModelName": "HydroCel Geodesic Sensor Net (HCGSN)",
	"HardwareFilters": "n/a",
	"TaskDescription": "Subjects focus attention on a single violet box flickering at different frequencies (6.66, 7.50, 8.57, 10.00, 12.00 Hz) presented sequentially. Each frequency is presented for 5 seconds (trial) followed by 5 seconds rest, repeated 3 times per frequency, with 30 seconds rest between different frequencies. Trial duration: 5.0s, stimulus frequencies: [6.66, 7.5, 8.57, 10.0, 12.0] Hz.",
	"Instructions": "Subjects were instructed to focus attention on the flickering box, limit movements, and avoid swallowing or blinking during visual stimulation",
	"InstitutionName": "Centre for Research and Technology Hellas (CERTH)",
	"InstitutionAddress": "GR",
	"InstitutionalDepartmentName": "n/a",
	"SubjectArtefactDescription": "Impedance kept below 80.0 kOhm",
	"DeviceSerialNumber": "n/a",
	"Description": "Comparative evaluation of state-of-the-art algorithms for SSVEP-based BCIs",
	"MISCChannelCount": 0
}